PATH
  remote: ../today_json
  specs:
    jsl-today_json (0.0.1)

GEM
  remote: https://rubygems.org/
  specs:
    chunky_png (1.3.1)
    coderay (1.1.0)
    compass (1.0.1)
      chunky_png (~> 1.2)
      compass-core (~> 1.0.1)
      compass-import-once (~> 1.0.5)
      rb-fsevent (>= 0.9.3)
      rb-inotify (>= 0.9)
      sass (>= 3.3.13, < 3.5)
    compass-core (1.0.1)
      multi_json (~> 1.0)
      sass (>= 3.3.0, < 3.5)
    compass-import-once (1.0.5)
      sass (>= 3.2, < 3.5)
    diff-lcs (1.2.5)
    execjs (2.6.0)
    ffi (1.9.6)
    haml (4.0.5)
      tilt
    hike (1.2.3)
    json (1.8.1)
    method_source (0.8.2)
    minitest (5.8.1)
    mrspec (0.2.2)
      minitest (~> 5.0)
      rspec-core (~> 3.0)
      what_weve_got_here_is_an_error_to_communicate (~> 0.0.6)
    multi_json (1.10.1)
    pry (0.10.2)
      coderay (~> 1.1.0)
      method_source (~> 0.8.1)
      slop (~> 3.4)
    puma (2.9.1)
      rack (>= 1.1, < 2.0)
    rack (1.5.2)
    rack-test (0.6.2)
      rack (>= 1.0)
    rb-fsevent (0.9.4)
    rb-inotify (0.9.5)
      ffi (>= 0.5.0)
    redcarpet (3.1.1)
    rouge (1.10.1)
    rspec (3.3.0)
      rspec-core (~> 3.3.0)
      rspec-expectations (~> 3.3.0)
      rspec-mocks (~> 3.3.0)
    rspec-core (3.3.2)
      rspec-support (~> 3.3.0)
    rspec-expectations (3.3.1)
      diff-lcs (>= 1.2.0, < 2.0)
      rspec-support (~> 3.3.0)
    rspec-mocks (3.3.2)
      diff-lcs (>= 1.2.0, < 2.0)
      rspec-support (~> 3.3.0)
    rspec-support (3.3.0)
    sass (3.4.5)
    slop (3.6.0)
    sprockets (2.12.2)
      hike (~> 1.2)
      multi_json (~> 1.0)
      rack (~> 1.0)
      tilt (~> 1.1, != 1.3.0)
    tilt (1.4.1)
    uglifier (2.7.2)
      execjs (>= 0.3.0)
      json (>= 1.8.0)
    what_weve_got_here_is_an_error_to_communicate (0.0.6)
      rouge (~> 1.8, != 1.9.1)

PLATFORMS
  ruby

DEPENDENCIES
  compass (= 1.0.1)
  haml (= 4.0.5)
  jsl-today_json!
  json (= 1.8.1)
  mrspec
  pry
  puma
  rack-test (= 0.6.2)
  redcarpet
  rspec
  sass (= 3.4.5)
  sprockets (= 2.12.2)
  uglifier

BUNDLED WITH
   1.10.6
